PATH
  remote: .
  specs:
    restfully-addons (1.0.0)
      libxml-ruby
      net-scp
      net-sftp
      net-ssh-gateway
      net-ssh-multi
      restfully

GEM
  remote: http://rubygems.org/
  specs:
    addressable (2.2.6)
    backports (2.3.0)
    json (1.5.3)
    libxml-ruby (2.0.9)
    mime-types (1.16)
    net-scp (1.0.4)
      net-ssh (>= 1.99.1)
    net-sftp (2.0.5)
      net-ssh (>= 2.0.9)
    net-ssh (2.1.4)
    net-ssh-gateway (1.1.0)
      net-ssh (>= 1.99.1)
    net-ssh-multi (1.1)
      net-ssh (>= 2.1.4)
      net-ssh-gateway (>= 0.99.0)
    rack (1.3.2)
    rack-cache (1.0.2)
      rack (>= 0.4)
    rake (0.9.2)
    rest-client (1.6.3)
      mime-types (>= 1.16)
    rest-client-components (1.2.0)
      rack (>= 1.0.1)
      rest-client (>= 1.6.0, < 1.7.0)
    restfully (0.8.7)
      addressable
      backports
      json (~> 1.5)
      rack-cache
      rest-client (~> 1.6)
      rest-client-components

PLATFORMS
  ruby

DEPENDENCIES
  rake (~> 0.8)
  restfully-addons!
